GIT
  remote: git://github.com/andruby/redis-activesupport.git
  revision: af998edf678a86ca3719e5a8262c79fb6bf4000b
  branch: empty-fetch-multi-4.1.6
  specs:
    redis-activesupport (4.1.5)
      activesupport (>= 3, < 5)
      redis-store (~> 1.1.0)

GIT
  remote: git://github.com/andruby/timeliness.git
  revision: 664cd90e05a5522d79d750087242bfc87f5cdf53
  branch: multithread
  specs:
    timeliness (0.3.8)

GIT
  remote: git://github.com/dantetekanem/omniauth-azure-oauth2.git
  revision: afd0a08048ca15571aaeb4b524cf9ab68effcfca
  specs:
    omniauth-azure-oauth2 (0.0.6b)
      jwt (~> 1.0)
      omniauth (~> 1.0)
      omniauth-oauth2 (~> 1.1)

GIT
  remote: git://github.com/doorkeeper-gem/doorkeeper-i18n.git
  revision: a4e6d4c6a350c39feb88c21541102d252d027987
  specs:
    doorkeeper-i18n (3.0.0)

GIT
  remote: git://github.com/invoca/write_xlsx.git
  revision: d790a758bb36d6ef1e36486538fe24225c67d451
  specs:
    write_xlsx (0.85.0)
      rubyzip (>= 1.0.0)
      zip-zip

GIT
  remote: git://github.com/thoughtbot/paperclip.git
  revision: 431d1e8bfcf2c9a49bf3a4db2725684fc377d7e8
  specs:
    paperclip (5.0.0.beta2)
      activemodel (>= 4.2.0)
      activesupport (>= 4.2.0)
      cocaine (~> 0.5.5)
      mime-types
      mimemagic (~> 0.3.0)

GIT
  remote: git://github.com/tim-vandecasteele/dav4rack.git
  revision: 9e27939a8848fad7e74124b374d01bd49ea3a74c
  specs:
    dav4rack (0.3.0)
      nokogiri (>= 1.4.2)
      ox (>= 2.1.0)
      rack (>= 1.1.0)
      uuidtools (~> 2.1.1)

GIT
  remote: git://github.com/tim-vandecasteele/docsplit.git
  revision: bcc0fc5fcd69436134fef433a07f0b205855eaaf
  specs:
    docsplit (0.7.6)

GIT
  remote: git://github.com/tim-vandecasteele/liquid.git
  revision: 33f3cca98ccee3e51c931abf484e85a04fb10980
  branch: master
  specs:
    liquid (4.0.0.rc2)

GIT
  remote: git://github.com/tim-vandecasteele/prawn-svg.git
  revision: 9ece8f297fd4303dd370eb03bf206864cc8fce8d
  specs:
    prawn-svg (0.16.1)
      prawn (>= 0.8.4, < 2)

GIT
  remote: git://github.com/tim-vandecasteele/prawn.git
  revision: 03077d8f21436f453afb6444b0681135b718c851
  branch: orientation-multirow-better-table-scaling
  specs:
    prawn (1.0.0.rc2)
      afm
      pdf-reader (~> 1.2)
      ruby-rc4
      ttfunk (~> 1.0.3)

GIT
  remote: git://github.com/tim-vandecasteele/s3_direct_upload.git
  revision: 542d45a6c2e16ca48a527fa91dcc698884aca054
  specs:
    s3_direct_upload (0.1.7)
      coffee-rails (>= 3.1)
      rails (>= 3.1)
      sass-rails (>= 3.1)

GIT
  remote: git://github.com/tim-vandecasteele/treetop.git
  revision: 79e15a05e77e3a5acdc2940457523a5e4c7a9872
  branch: no_extend
  specs:
    treetop (1.4.10)
      polyglot (>= 0.3.1)

GIT
  remote: git://github.com/voxdei/turbolinks-classic.git
  revision: 038f77ba052e1e87a549fd33cb45c63df1519b30
  branch: 2-5-stable
  specs:
    turbolinks (2.5.3)
      coffee-rails

GEM
  remote: https://rubygems.org/
  specs:
    Ascii85 (1.0.2)
    actionmailer (4.2.7.1)
      actionpack (= 4.2.7.1)
      actionview (= 4.2.7.1)
      activejob (= 4.2.7.1)
      mail (~> 2.5, >= 2.5.4)
      rails-dom-testing (~> 1.0, >= 1.0.5)
    actionpack (4.2.7.1)
      actionview (= 4.2.7.1)
      activesupport (= 4.2.7.1)
      rack (~> 1.6)
      rack-test (~> 0.6.2)
      rails-dom-testing (~> 1.0, >= 1.0.5)
      rails-html-sanitizer (~> 1.0, >= 1.0.2)
    actionview (4.2.7.1)
      activesupport (= 4.2.7.1)
      builder (~> 3.1)
      erubis (~> 2.7.0)
      rails-dom-testing (~> 1.0, >= 1.0.5)
      rails-html-sanitizer (~> 1.0, >= 1.0.2)
    activejob (4.2.7.1)
      activesupport (= 4.2.7.1)
      globalid (>= 0.3.0)
    activemodel (4.2.7.1)
      activesupport (= 4.2.7.1)
      builder (~> 3.1)
    activerecord (4.2.7.1)
      activemodel (= 4.2.7.1)
      activesupport (= 4.2.7.1)
      arel (~> 6.0)
    activerecord-delay_touching (1.0.1)
      activerecord (>= 4.2)
    activerecord-import (0.15.0)
      activerecord (>= 3.2)
    activerecord-session_store (1.0.0.pre)
      actionpack (>= 4.0, < 5.1)
      activerecord (>= 4.0, < 5.1)
      rack (>= 1.5.2, < 3)
      railties (>= 4.0, < 5.1)
    activerecord_any_of (1.3)
      activerecord (>= 3.2.13, < 5)
    activesupport (4.2.7.1)
      i18n (~> 0.7)
      json (~> 1.7, >= 1.7.7)
      minitest (~> 5.1)
      thread_safe (~> 0.3, >= 0.3.4)
      tzinfo (~> 1.1)
    addressable (2.3.8)
    afm (0.2.2)
    akami (1.2.2)
      gyoku (>= 0.4.0)
      nokogiri
    api-pagination (4.3.0)
    arel (6.0.3)
    ast (2.3.0)
    audited (4.2.0)
      rails-observers (~> 0.1.2)
    audited-activerecord (4.2.0)
      activerecord (~> 4.0)
      audited (= 4.2.0)
    aws-sdk (2.3.2)
      aws-sdk-resources (= 2.3.2)
    aws-sdk-core (2.3.2)
      jmespath (~> 1.0)
    aws-sdk-resources (2.3.2)
      aws-sdk-core (= 2.3.2)
    axiom-types (0.1.1)
      descendants_tracker (~> 0.0.4)
      ice_nine (~> 0.11.0)
      thread_safe (~> 0.3, >= 0.3.1)
    babel-source (5.8.35)
    babel-transpiler (0.7.0)
      babel-source (>= 4.0, < 6)
      execjs (~> 2.0)
    bcrypt (3.1.11)
    benchmark-ips (2.3.0)
    better_errors (2.1.1)
      coderay (>= 1.0.0)
      erubis (>= 2.6.6)
      rack (>= 0.9.0)
    binding_of_caller (0.7.2)
      debug_inspector (>= 0.0.1)
    blankslate (2.1.2.4)
    brakeman (3.3.5)
    builder (3.2.2)
    byebug (5.0.0)
      columnize (= 0.9.0)
    capybara (2.7.1)
      addressable
      mime-types (>= 1.16)
      nokogiri (>= 1.3.3)
      rack (>= 1.0.0)
      rack-test (>= 0.5.4)
      xpath (~> 2.0)
    capybara-email (2.5.0)
      capybara (~> 2.4)
      mail
    celluloid (0.16.0)
      timers (~> 4.0.0)
    charlock_holmes (0.7.3)
    chronic (0.10.2)
    chunky_png (1.3.7)
    climate_control (0.0.3)
      activesupport (>= 3.0)
    cliver (0.3.2)
    cocaine (0.5.8)
      climate_control (>= 0.0.3, < 1.0)
    cocoon (1.2.6)
    coderay (1.1.0)
    coercible (1.0.0)
      descendants_tracker (~> 0.0.1)
    coffee-rails (4.1.0)
      coffee-script (>= 2.2.0)
      railties (>= 4.0.0, < 5.0)
    coffee-script (2.4.1)
      coffee-script-source
      execjs
    coffee-script-source (1.9.1.1)
    columnize (0.9.0)
    compass (1.0.3)
      chunky_png (~> 1.2)
      compass-core (~> 1.0.2)
      compass-import-once (~> 1.0.5)
      rb-fsevent (>= 0.9.3)
      rb-inotify (>= 0.9)
      sass (>= 3.3.13, < 3.5)
    compass-core (1.0.3)
      multi_json (~> 1.0)
      sass (>= 3.3.0, < 3.5)
    compass-import-once (1.0.5)
      sass (>= 3.2, < 3.5)
    compass-rails (3.0.2)
      compass (~> 1.0.0)
      sass-rails (< 5.1)
      sprockets (< 4.0)
    concurrent-ruby (1.0.2)
    config (1.0.0)
      activesupport (>= 3.0)
      deep_merge (~> 1.0.0)
    connection_pool (2.2.0)
    crack (0.4.2)
      safe_yaml (~> 1.0.0)
    crass (1.0.2)
    css_parser (1.3.7)
      addressable
    daemons (1.2.3)
    database_cleaner (1.5.0)
    db-query-matchers (0.6.0)
    debug_inspector (0.0.2)
    deep_merge (1.0.1)
    descendants_tracker (0.0.4)
      thread_safe (~> 0.3, >= 0.3.1)
    devise (3.4.1)
      bcrypt (~> 3.0)
      orm_adapter (~> 0.1)
      railties (>= 3.2.6, < 5)
      responders
      thread_safe (~> 0.1)
      warden (~> 1.2.3)
    devise_openid_authenticatable (1.1.6)
      devise (>= 1.3)
      rack-openid (>= 1.2.0)
    diff-lcs (1.2.5)
    diffy (3.0.7)
    docile (1.1.5)
    doorkeeper (4.2.0)
      railties (>= 4.2)
    dotenv (2.1.1)
    dotenv-rails (2.1.1)
      dotenv (= 2.1.1)
      railties (>= 4.0, < 5.1)
    easy_translate (0.5.0)
      json
      thread
      thread_safe
    ejs (1.1.1)
    elasticsearch (1.0.15)
      elasticsearch-api (= 1.0.15)
      elasticsearch-transport (= 1.0.15)
    elasticsearch-api (1.0.15)
      multi_json
    elasticsearch-transport (1.0.15)
      faraday
      multi_json
    equalizer (0.0.11)
    erubis (2.7.0)
    escape_utils (1.1.0)
    ethon (0.8.0)
      ffi (>= 1.3.0)
    eventmachine (1.0.8)
    execjs (2.7.0)
    factory_girl (4.5.0)
      activesupport (>= 3.0.0)
    factory_girl_rails (4.5.0)
      factory_girl (~> 4.5.0)
      railties (>= 3.0.0)
    fakeweb (1.3.0)
    faraday (0.9.2)
      multipart-post (>= 1.2, < 3)
    fast_blank (1.0.0)
    fast_stack (0.1.0)
      rake
      rake-compiler
    ffi (1.9.14)
    flamegraph (0.1.0)
      fast_stack
    fontcustom (1.3.8)
      json (~> 1.4)
      listen (>= 1.0, < 3.0)
      thor (~> 0.14)
    formatador (0.2.5)
    get_process_mem (0.2.0)
    globalid (0.3.7)
      activesupport (>= 4.1.0)
    grape (0.13.0)
      activesupport
      builder
      hashie (>= 2.1.0)
      multi_json (>= 1.3.2)
      multi_xml (>= 0.5.2)
      rack (>= 1.3.0)
      rack-accept
      rack-mount
      virtus (>= 1.0.0)
    grape-entity (0.4.8)
      activesupport
      multi_json (>= 1.3.2)
    grape-swagger (0.10.2)
      grape (>= 0.8.0)
      grape-entity
    grape-swagger-rails (0.1.0)
      grape-swagger (>= 0.7.2)
      railties (>= 3.2.12)
    guard (2.13.0)
      formatador (>= 0.2.4)
      listen (>= 2.7, <= 4.0)
      lumberjack (~> 1.0)
      nenv (~> 0.1)
      notiffany (~> 0.0)
      pry (>= 0.9.12)
      shellany (~> 0.0)
      thor (>= 0.18.1)
    guard-compat (1.2.1)
    guard-rspec (4.6.4)
      guard (~> 2.1)
      guard-compat (~> 1.1)
      rspec (>= 2.99.0, < 4.0)
    gyoku (1.1.1)
      builder (>= 2.1.2)
    hashery (2.1.2)
    hashie (3.4.3)
    highline (1.7.7)
    hitimes (1.2.3)
    htmlentities (4.3.4)
    htmltoword (0.5.1)
      actionpack
      nokogiri
      rubyzip (>= 1.0)
    httpclient (2.8.0)
    httpi (2.1.1)
      rack
      rubyntlm (~> 0.3.2)
    i18n (0.7.0)
    i18n-js (3.0.0.rc14)
      i18n (~> 0.6, >= 0.6.6)
    i18n-tasks (0.8.7)
      activesupport (>= 2.3.18)
      easy_translate (>= 0.5.0)
      erubis
      highline (>= 1.7.3)
      i18n
      term-ansicolor (>= 1.3.2)
      terminal-table (>= 1.5.1)
    i18n_yaml_sorter (0.2.0)
    ice_nine (0.11.1)
    intercom (2.4.4)
      json (~> 1.8)
    jasmine-core (2.3.4)
    jasmine-junitreporter (0.0.1)
    jasmine-rails (0.12.1)
      jasmine-core (>= 1.3, < 3.0)
      phantomjs (>= 1.9)
      railties (>= 3.2.0)
      sprockets-rails
    jmespath (1.2.4)
      json_pure (>= 1.8.1)
    js-routes (1.1.2)
      railties (>= 3.2)
      sprockets-rails
    json (1.8.3)
    json_pure (1.8.3)
    jwt (1.5.1)
    kgio (2.10.0)
    kramdown (1.8.0)
    launchy (2.4.3)
      addressable (~> 2.3)
    letter_opener (1.4.1)
      launchy (~> 2.2)
    listen (2.10.1)
      celluloid (~> 0.16.0)
      rb-fsevent (>= 0.9.3)
      rb-inotify (>= 0.9)
    loofah (2.0.3)
      nokogiri (>= 1.5.9)
    lumberjack (1.0.9)
    mail (2.6.4)
      mime-types (>= 1.16, < 4)
    mandrill-rails (1.3.0)
      activesupport (>= 3.0.3)
    memory_profiler (0.9.4)
    message_bus (1.1.1)
      rack (>= 1.1.3)
      redis
    method_source (0.8.2)
    mime-types (1.25.1)
    mimemagic (0.3.1)
    mini_portile2 (2.1.0)
    minitest (5.9.1)
    multi_json (1.12.1)
    multi_xml (0.5.5)
    multipart-post (2.0.0)
    nenv (0.2.0)
    newrelic_rpm (3.14.1.311)
    nokogiri (1.6.8.1)
      mini_portile2 (~> 2.1.0)
    nokogumbo (1.4.1)
      nokogiri
    nori (2.3.0)
    notiffany (0.0.8)
      nenv (~> 0.1)
      shellany (~> 0.0)
    nunes (0.4.0)
    oauth2 (1.0.0)
      faraday (>= 0.8, < 0.10)
      jwt (~> 1.0)
      multi_json (~> 1.3)
      multi_xml (~> 0.5)
      rack (~> 1.2)
    oj (2.15.0)
    omniauth (1.3.1)
      hashie (>= 1.2, < 4)
      rack (>= 1.0, < 3)
    omniauth-oauth2 (1.4.0)
      oauth2 (~> 1.0)
      omniauth (~> 1.2)
    orm_adapter (0.5.0)
    ox (2.4.1)
    parallel (1.6.1)
    parallel_tests (1.7.1)
      parallel
    parser (2.3.3.1)
      ast (~> 2.2)
    parslet (1.4.0)
      blankslate (~> 2.0)
    pdf-inspector (1.2.0)
      pdf-reader (~> 1.0)
    pdf-reader (1.4.0)
      Ascii85 (~> 1.0.0)
      afm (~> 0.2.1)
      hashery (~> 2.0)
      ruby-rc4
      ttfunk
    pg (0.18.3)
    pghero (1.1.2)
      activerecord
    phantomjs (1.9.8.0)
    phantomjs.rb (2.1.0)
    polo (0.4.0)
      activerecord (>= 3.2)
    poltergeist (1.10.0)
      capybara (~> 2.1)
      cliver (~> 0.3.1)
      websocket-driver (>= 0.2.0)
    polyglot (0.3.5)
    postgres-copy (0.9.3)
      activerecord (>= 4.0)
      pg (>= 0.17)
      rails (>= 4.0)
      responders
    powder (0.3.0)
      thor (>= 0.11.5)
    powerpack (0.1.1)
    prawn-fast-png (0.2.3)
      prawn
      rmagick
    pry (0.10.2)
      coderay (~> 1.1.0)
      method_source (~> 0.8.1)
      slop (~> 3.4)
    pry-byebug (3.2.0)
      byebug (~> 5.0)
      pry (~> 0.10)
    pry-rails (0.3.4)
      pry (>= 0.9.10)
    pry-remote (0.1.8)
      pry (~> 0.9)
      slop (~> 3.0)
    pundit (0.3.0)
      activesupport (>= 3.0.0)
    quiet_assets (1.1.0)
      railties (>= 3.1, < 5.0)
    rack (1.6.4)
    rack-accept (0.4.5)
      rack (>= 0.4)
    rack-mini-profiler (0.9.9.2)
      rack (>= 1.2.0)
    rack-mount (0.8.3)
      rack (>= 1.0.0)
    rack-openid (1.4.2)
      rack (>= 1.1.0)
      ruby-openid (>= 2.1.8)
    rack-protection (1.5.3)
      rack
    rack-test (0.6.3)
      rack (>= 1.0)
    rack-timeout (0.4.2)
    rails (4.2.7.1)
      actionmailer (= 4.2.7.1)
      actionpack (= 4.2.7.1)
      actionview (= 4.2.7.1)
      activejob (= 4.2.7.1)
      activemodel (= 4.2.7.1)
      activerecord (= 4.2.7.1)
      activesupport (= 4.2.7.1)
      bundler (>= 1.3.0, < 2.0)
      railties (= 4.2.7.1)
      sprockets-rails
    rails-deprecated_sanitizer (1.0.3)
      activesupport (>= 4.2.0.alpha)
    rails-dom-testing (1.0.7)
      activesupport (>= 4.2.0.beta, < 5.0)
      nokogiri (~> 1.6.0)
      rails-deprecated_sanitizer (>= 1.0.1)
    rails-html-sanitizer (1.0.3)
      loofah (~> 2.0)
    rails-i18n (4.0.5)
      i18n (~> 0.6)
      railties (~> 4.0)
    rails-observers (0.1.2)
      activemodel (~> 4.0)
    railties (4.2.7.1)
      actionpack (= 4.2.7.1)
      activesupport (= 4.2.7.1)
      rake (>= 0.8.7)
      thor (>= 0.18.1, < 2.0)
    rainbow (2.2.1)
    raindrops (0.15.0)
    rake (11.3.0)
    rake-compiler (0.9.5)
      rake
    rb-fsevent (0.9.8)
    rb-inotify (0.9.7)
      ffi (>= 0.5.0)
    rb-readline (0.5.3)
    react-rails (1.6.2)
      babel-transpiler (>= 0.7.0)
      coffee-script-source (~> 1.8)
      connection_pool
      execjs
      rails (>= 3.2)
      tilt
    redis (3.2.2)
    redis-actionpack (4.0.1)
      actionpack (~> 4)
      redis-rack (~> 1.5.0)
      redis-store (~> 1.1.0)
    redis-rack (1.5.0)
      rack (~> 1.5)
      redis-store (~> 1.1.0)
    redis-rails (4.0.0)
      redis-actionpack (~> 4)
      redis-activesupport (~> 4)
      redis-store (~> 1.1.0)
    redis-store (1.1.7)
      redis (>= 2.2)
    responders (2.1.0)
      railties (>= 4.2.0, < 5)
    rmagick (2.15.4)
    roo (2.4.0)
      nokogiri (~> 1)
      rubyzip (~> 1.1, < 2.0.0)
    rspec (3.4.0)
      rspec-core (~> 3.4.0)
      rspec-expectations (~> 3.4.0)
      rspec-mocks (~> 3.4.0)
    rspec-activemodel-mocks (1.0.2)
      activemodel (>= 3.0)
      activesupport (>= 3.0)
      rspec-mocks (>= 2.99, < 4.0)
    rspec-collection_matchers (1.1.2)
      rspec-expectations (>= 2.99.0.beta1)
    rspec-core (3.4.4)
      rspec-support (~> 3.4.0)
    rspec-expectations (3.4.0)
      diff-lcs (>= 1.2.0, < 2.0)
      rspec-support (~> 3.4.0)
    rspec-mocks (3.4.1)
      diff-lcs (>= 1.2.0, < 2.0)
      rspec-support (~> 3.4.0)
    rspec-rails (3.4.2)
      actionpack (>= 3.0, < 4.3)
      activesupport (>= 3.0, < 4.3)
      railties (>= 3.0, < 4.3)
      rspec-core (~> 3.4.0)
      rspec-expectations (~> 3.4.0)
      rspec-mocks (~> 3.4.0)
      rspec-support (~> 3.4.0)
    rspec-support (3.4.1)
    rspec_junit_formatter (0.2.2)
      builder (< 4)
      rspec-core (>= 2, < 4, != 2.12.0)
    rubocop (0.46.0)
      parser (>= 2.3.1.1, < 3.0)
      powerpack (~> 0.1)
      rainbow (>= 1.99.1, < 3.0)
      ruby-progressbar (~> 1.7)
      unicode-display_width (~> 1.0, >= 1.0.1)
    ruby-msg (1.5.2)
      ruby-ole (>= 1.2.8)
      vpim (>= 0.360)
    ruby-ole (1.2.12)
    ruby-openid (2.7.0)
    ruby-prof (0.15.8)
    ruby-progressbar (1.8.1)
    ruby-rc4 (0.1.5)
    rubyntlm (0.3.4)
    rubyzip (1.2.0)
    safe_yaml (1.0.4)
    salesmachine-ruby (1.0.0)
    sanitize (4.0.0)
      crass (~> 1.0.2)
      nokogiri (>= 1.4.4)
      nokogumbo (= 1.4.1)
    sass (3.4.22)
    sass-rails (5.0.6)
      railties (>= 4.0.0, < 6)
      sass (~> 3.1)
      sprockets (>= 2.8, < 4.0)
      sprockets-rails (>= 2.0, < 4.0)
      tilt (>= 1.1, < 3)
    savon (2.3.3)
      akami (~> 1.2.0)
      builder (>= 2.1.2)
      gyoku (~> 1.1.0)
      httpi (~> 2.1.0)
      nokogiri (>= 1.4.0)
      nori (~> 2.3.0)
      wasabi (~> 3.2.2)
    searchkick (1.2.1)
      activemodel
      elasticsearch (>= 1)
      hashie
    select2-rails (3.3.2)
      sass-rails (>= 3.2)
      thor (~> 0.14)
    sentry-raven (1.1.0)
      faraday (>= 0.7.6)
    shellany (0.0.1)
    shoulda-kept-respond-with-content-type (1.1.0)
      shoulda-matchers (>= 2.1.0)
    shoulda-matchers (3.1.1)
      activesupport (>= 4.0.0)
    sidekiq (4.0.1)
      concurrent-ruby (~> 1.0)
      connection_pool (~> 2.2, >= 2.2.0)
      json (~> 1.0)
      redis (~> 3.2, >= 3.2.1)
    simple_form (3.2.0)
      actionpack (~> 4.0)
      activemodel (~> 4.0)
    simplecov (0.10.0)
      docile (~> 1.1.0)
      json (~> 1.8)
      simplecov-html (~> 0.10.0)
    simplecov-html (0.10.0)
    sinatra (1.4.6)
      rack (~> 1.4)
      rack-protection (~> 1.4)
      tilt (>= 1.3, < 3)
    slim (3.0.6)
      temple (~> 0.7.3)
      tilt (>= 1.3.3, < 2.1)
    slim-rails (3.0.1)
      actionmailer (>= 3.1, < 5.0)
      actionpack (>= 3.1, < 5.0)
      activesupport (>= 3.1, < 5.0)
      railties (>= 3.1, < 5.0)
      slim (~> 3.0)
    slop (3.6.0)
    spring (1.4.0)
    spring-commands-rspec (1.0.4)
      spring (>= 0.9.1)
    sprockets (3.7.0)
      concurrent-ruby (~> 1.0)
      rack (> 1, < 3)
    sprockets-rails (3.2.0)
      actionpack (>= 4.0)
      activesupport (>= 4.0)
      sprockets (>= 3.0.0)
    sprockets_uglifier_with_source_maps (2.0.0)
      sprockets-rails (~> 3.0)
      uglifier (~> 2.5)
    stackprof (0.2.7)
    statsd-instrument (2.0.11)
    temple (0.7.6)
    term-ansicolor (1.3.2)
      tins (~> 1.0)
    terminal-notifier-guard (1.6.4)
    terminal-table (1.5.2)
    test_after_commit (1.1.0)
      activerecord (>= 3.2)
    textacular (3.2.2)
      activerecord (>= 3.0, < 5.0)
    thin (1.6.4)
      daemons (~> 1.0, >= 1.0.9)
      eventmachine (~> 1.0, >= 1.0.4)
      rack (~> 1.0)
    thor (0.19.1)
    thread (0.2.2)
    thread_safe (0.3.5)
    tilt (2.0.5)
    timers (4.0.4)
      hitimes
    tins (1.6.0)
    ttfunk (1.0.3)
    typhoeus (0.8.0)
      ethon (>= 0.8.0)
    tzinfo (1.2.2)
      thread_safe (~> 0.1)
    uglifier (2.7.2)
      execjs (>= 0.3.0)
      json (>= 1.8.0)
    unicode-display_width (1.1.2)
    unicorn (4.9.0)
      kgio (~> 2.6)
      rack
      raindrops (~> 0.7)
    unicorn-worker-killer (0.4.3)
      get_process_mem (~> 0)
      unicorn (~> 4)
    upmark (0.2.0)
      parslet (= 1.4.0)
    uuidtools (2.1.5)
    vcr (3.0.1)
    virtus (1.0.5)
      axiom-types (~> 0.1)
      coercible (~> 1.0)
      descendants_tracker (~> 0.0, >= 0.0.3)
      equalizer (~> 0.0, >= 0.0.9)
    vpim (13.11.11)
    wannabe_bool (0.5.0)
    warden (1.2.3)
      rack (>= 1.0)
    wasabi (3.2.3)
      httpi (~> 2.0)
      mime-types (< 2.0.0)
      nokogiri (>= 1.4.0)
    webmock (1.21.0)
      addressable (>= 2.3.6)
      crack (>= 0.3.2)
    websocket-driver (0.6.4)
      websocket-extensions (>= 0.1.0)
    websocket-extensions (0.1.2)
    whenever (0.9.7)
      chronic (>= 0.6.3)
    will_paginate (3.0.7)
    xpath (2.0.0)
      nokogiri (~> 1.3)
    zip-zip (0.3)
      rubyzip (>= 1.0.0)

PLATFORMS
  ruby

DEPENDENCIES
  activerecord-delay_touching
  activerecord-import
  activerecord-session_store (= 1.0.0.pre)
  activerecord_any_of
  api-pagination
  audited-activerecord
  aws-sdk (= 2.3.2)
  benchmark-ips
  better_errors
  binding_of_caller
  brakeman
  capybara (~> 2.7.0)
  capybara-email
  charlock_holmes
  cocoon
  coffee-rails (~> 4.0)
  compass-rails (> 3.0.0)
  config
  css_parser
  database_cleaner
  dav4rack!
  db-query-matchers
  devise (~> 3.4.0)
  devise_openid_authenticatable
  diffy
  docsplit!
  doorkeeper
  doorkeeper-i18n!
  dotenv-rails
  ejs
  escape_utils
  factory_girl_rails
  fakeweb
  fast_blank
  flamegraph
  fontcustom
  grape
  grape-entity
  grape-swagger
  grape-swagger-rails
  guard-rspec
  htmlentities
  htmltoword
  httpclient
  i18n-js (~> 3.0.0.rc14)
  i18n-tasks
  i18n_yaml_sorter
  intercom (~> 2.4.4)
  jasmine-junitreporter
  jasmine-rails
  js-routes
  kramdown
  launchy
  letter_opener
  liquid!
  mandrill-rails
  memory_profiler
  message_bus
  newrelic_rpm
  nokogiri
  nunes
  oauth2
  oj
  omniauth-azure-oauth2!
  ox
  paperclip!
  parallel_tests
  pdf-inspector
  pdf-reader
  pg
  pghero
  phantomjs.rb
  polo
  poltergeist (~> 1.10.0)
  polyglot
  postgres-copy
  powder
  prawn!
  prawn-fast-png
  prawn-svg!
  pry-byebug
  pry-rails
  pry-remote
  pundit (~> 0.3.0)
  quiet_assets
  rack-mini-profiler
  rack-timeout (>= 0.4.2)
  rails (= 4.2.7.1)
  rails-i18n
  rb-readline
  react-rails (~> 1.6.0)
  redis
  redis-activesupport!
  redis-rails
  roo
  rspec-activemodel-mocks
  rspec-collection_matchers
  rspec-rails (~> 3.4)
  rspec_junit_formatter (= 0.2.2)
  rubocop
  ruby-msg
  ruby-prof
  ruby-progressbar (>= 1.8.1)
  rubyzip
  s3_direct_upload!
  salesmachine-ruby (~> 1.0.0)
  sanitize
  sass
  sass-rails (> 5.0.0)
  savon (~> 2.3.0)
  searchkick
  select2-rails (~> 3.3.0)
  sentry-raven (>= 1.1.0)
  shoulda-kept-respond-with-content-type
  shoulda-matchers (~> 3.1)
  sidekiq
  simple_form
  simplecov
  sinatra (>= 1.3.0)
  slim-rails
  spring
  spring-commands-rspec
  sprockets (> 3.0.0)
  sprockets-rails (> 3.0.0)
  sprockets_uglifier_with_source_maps (= 2.0.0)
  stackprof
  statsd-instrument
  terminal-notifier-guard
  test_after_commit
  textacular (~> 3.0)
  thin
  thor
  timeliness!
  treetop!
  turbolinks!
  typhoeus
  uglifier (>= 1.0.3)
  unicorn
  unicorn-worker-killer
  upmark
  vcr
  virtus
  wannabe_bool
  webmock
  whenever
  will_paginate
  write_xlsx!

RUBY VERSION
   ruby 2.3.1p112

BUNDLED WITH
   1.13.7
